GEM
  remote: https://rubygems.org/
  specs:
    curb (1.0.9)

PLATFORMS
  ruby
  x86_64-linux

DEPENDENCIES
  curb (~> 1.0.8)

BUNDLED WITH
   2.6.6
