GEM
  remote: https://rubygems.org/
  specs:
    coderay (1.1.3)
    curb (1.0.9)
    method_source (1.1.0)
    pry (0.15.2)
      coderay (~> 1.1)
      method_source (~> 1.0)

PLATFORMS
  ruby
  x86_64-linux

DEPENDENCIES
  curb (~> 1.0.8)
  pry (~> 0.15.0)

BUNDLED WITH
   2.6.6
